GIT
  remote: git://github.com/dakatsuka/redshift-client.git
  revision: e6146736180bada4c9e6a7747acb61f0159be3a9
  ref: e614673
  specs:
    redshift-client (0.2.0)
      activesupport (>= 4)
      pg

GEM
  remote: https://rubygems.org/
  specs:
    activesupport (5.1.1)
      concurrent-ruby (~> 1.0, >= 1.0.2)
      i18n (~> 0.7)
      minitest (~> 5.1)
      tzinfo (~> 1.1)
    concurrent-ruby (1.0.5)
    honeybadger (3.1.2)
    i18n (0.8.4)
    minitest (5.10.2)
    pg (0.21.0)
    rake (12.0.0)
    sparkr (0.4.1)
    thread_safe (0.3.6)
    tzinfo (1.2.3)
      thread_safe (~> 0.1)

PLATFORMS
  ruby

DEPENDENCIES
  honeybadger
  rake
  redshift-client!
  sparkr

RUBY VERSION
   ruby 2.3.4p301

BUNDLED WITH
   1.15.1
